PATH
  remote: .
  specs:
    attribute_normalizer (1.1.0)

GEM
  remote: https://rubygems.org/
  specs:
    activemodel (3.2.1)
      activesupport (= 3.2.1)
      builder (~> 3.0.0)
    activerecord (3.2.1)
      activemodel (= 3.2.1)
      activesupport (= 3.2.1)
      arel (~> 3.0.0)
      tzinfo (~> 0.3.29)
    activesupport (3.2.1)
      i18n (~> 0.6)
      multi_json (~> 1.0)
    arel (3.0.2)
    bson (1.7.0)
    bson_ext (1.7.0)
      bson (~> 1.7.0)
    builder (3.0.0)
    diff-lcs (1.1.3)
    ffi (1.0.11)
    guard (1.0.0)
      ffi (>= 0.5.0)
      thor (~> 0.14.6)
    guard-rspec (0.6.0)
      guard (>= 0.10.0)
    i18n (0.6.0)
    mongo (1.7.0)
      bson (~> 1.7.0)
    mongoid (2.5.1)
      activemodel (~> 3.1)
      mongo (~> 1.7)
      tzinfo (~> 0.3.22)
    multi_json (1.1.0)
    rake (0.9.2.2)
    rspec (2.8.0)
      rspec-core (~> 2.8.0)
      rspec-expectations (~> 2.8.0)
      rspec-mocks (~> 2.8.0)
    rspec-core (2.8.0)
    rspec-expectations (2.8.0)
      diff-lcs (~> 1.1.2)
    rspec-mocks (2.8.0)
    sqlite3 (1.3.5)
    thor (0.14.6)
    tzinfo (0.3.31)

PLATFORMS
  ruby

DEPENDENCIES
  activerecord
  attribute_normalizer!
  bson_ext (~> 1.7.0)
  guard
  guard-rspec
  mongoid (= 2.5.1)
  rake
  rspec
  sqlite3
